GEM
  remote: https://rubygems.org/
  specs:
    backports (3.12.0)
    bcrypt (3.1.12)
    erubis (2.7.0)
    minitest (5.11.3)
    multi_json (1.13.1)
    rack (1.6.11)
    rack-protection (1.5.5)
      rack
    rack-test (1.1.0)
      rack (>= 1.0, < 3)
    rinruby (2.1.0)
    sinatra (1.4.8)
      rack (~> 1.5)
      rack-protection (~> 1.4)
      tilt (>= 1.3, < 3)
    sinatra-contrib (1.4.7)
      backports (>= 2.0)
      multi_json
      rack-protection
      rack-test
      sinatra (~> 1.4.0)
      tilt (>= 1.3, < 3)
    tilt (2.0.9)

PLATFORMS
  ruby

DEPENDENCIES
  bcrypt
  erubis
  minitest
  rack-test
  rinruby
  sinatra (~> 1.4.7)
  sinatra-contrib

RUBY VERSION
   ruby 2.6.1p33

BUNDLED WITH
   1.17.2
